PATH
  remote: .
  specs:
    openfeature-sdk-sorbet (0.2.0)
      sorbet-runtime (~> 0.5)
      sorbet-struct-comparable (~> 1.3)
      zeitwerk (~> 2.6)

GEM
  remote: https://rubygems.org/
  specs:
    ast (2.4.2)
    debug (1.8.0)
      irb (>= 1.5.0)
      reline (>= 0.3.1)
    io-console (0.6.0)
    irb (1.9.1)
      rdoc
      reline (>= 0.3.8)
    json (2.7.0)
    language_server-protocol (3.17.0.3)
    minitest (5.20.0)
    netrc (0.11.0)
    parallel (1.23.0)
    parser (3.2.2.4)
      ast (~> 2.4.1)
      racc
    prism (0.18.0)
    psych (5.1.1.1)
      stringio
    racc (1.7.3)
    rainbow (3.1.1)
    rake (13.1.0)
    rbi (0.1.5)
      prism (>= 0.18.0, < 0.19)
      sorbet-runtime (>= 0.5.9204)
    rdoc (6.6.0)
      psych (>= 4.0.0)
    regexp_parser (2.8.2)
    reline (0.4.1)
      io-console (~> 0.5)
    rexml (3.2.6)
    rubocop (1.58.0)
      json (~> 2.3)
      language_server-protocol (>= 3.17.0)
      parallel (~> 1.10)
      parser (>= 3.2.2.4)
      rainbow (>= 2.2.2, < 4.0)
      regexp_parser (>= 1.8, < 3.0)
      rexml (>= 3.2.5, < 4.0)
      rubocop-ast (>= 1.30.0, < 2.0)
      ruby-progressbar (~> 1.7)
      unicode-display_width (>= 2.4.0, < 3.0)
    rubocop-ast (1.30.0)
      parser (>= 3.2.1.0)
    rubocop-minitest (0.33.0)
      rubocop (>= 1.39, < 2.0)
    rubocop-performance (1.19.1)
      rubocop (>= 1.7.0, < 2.0)
      rubocop-ast (>= 0.4.0)
    rubocop-rake (0.6.0)
      rubocop (~> 1.0)
    rubocop-sorbet (0.7.5)
      rubocop (>= 0.90.0)
    ruby-progressbar (1.13.0)
    sorbet (0.5.11144)
      sorbet-static (= 0.5.11144)
    sorbet-runtime (0.5.11144)
    sorbet-static (0.5.11144-universal-darwin)
    sorbet-static (0.5.11144-x86_64-linux)
    sorbet-static-and-runtime (0.5.11144)
      sorbet (= 0.5.11144)
      sorbet-runtime (= 0.5.11144)
    sorbet-struct-comparable (1.3.0)
      sorbet-runtime (>= 0.5)
    spoom (1.2.1)
      sorbet (>= 0.5.10187)
      sorbet-runtime (>= 0.5.9204)
      thor (>= 0.19.2)
    stringio (3.1.0)
    tapioca (0.11.12)
      bundler (>= 2.2.25)
      netrc (>= 0.11.0)
      parallel (>= 1.21.0)
      rbi (>= 0.1.4, < 0.2)
      sorbet-static-and-runtime (>= 0.5.10187)
      spoom (~> 1.2.0, >= 1.2.0)
      thor (>= 1.2.0)
      yard-sorbet
    thor (1.3.0)
    unicode-display_width (2.5.0)
    yard (0.9.34)
    yard-sorbet (0.8.1)
      sorbet-runtime (>= 0.5)
      yard (>= 0.9)
    zeitwerk (2.6.12)

PLATFORMS
  arm64-darwin
  x86_64-linux

DEPENDENCIES
  debug
  minitest
  openfeature-sdk-sorbet!
  rake
  rubocop
  rubocop-minitest
  rubocop-performance
  rubocop-rake
  rubocop-sorbet
  sorbet
  sorbet-runtime
  spoom (= 1.2.1)
  tapioca

BUNDLED WITH
   2.4.22
